PATH
  remote: .
  specs:
    GoogleStreetView (0.0.1)

GEM
  remote: https://rubygems.org/
  specs:
    coderay (1.0.8)
    method_source (0.8.1)
    pry (0.9.10)
      coderay (~> 1.0.5)
      method_source (~> 0.8)
      slop (~> 3.3.1)
    rmagick (2.13.1)
    slop (3.3.3)

PLATFORMS
  ruby

DEPENDENCIES
  GoogleStreetView!
  pry
  rmagick
