PATH
  remote: .
  specs:
    GoogleStreetView (0.0.2)
      rmagick

GEM
  remote: https://rubygems.org/
  specs:
    rmagick (2.13.1)

PLATFORMS
  ruby

DEPENDENCIES
  GoogleStreetView!
